GEM
  remote: http://rubygems.org/
  specs:
    facter (1.6.11)
    puppet (2.7.19)
      facter (~> 1.5)
    puppet-lint (0.2.1)
    rake (0.9.2.2)

PLATFORMS
  ruby

DEPENDENCIES
  puppet
  puppet-lint
  rake
